GEM
  remote: https://rubygems.org/
  specs:
    httparty (0.15.7)
      multi_xml (>= 0.5.2)
    multi_xml (0.6.0)
    rack (2.0.4)

PLATFORMS
  ruby

DEPENDENCIES
  httparty
  rack

BUNDLED WITH
   1.16.1
